GEM
  remote: http://ruby.taobao.org/
  specs:
    active_support (3.0.0)
      activesupport (= 3.0.0)
    activesupport (3.0.0)
    git (1.2.5)
    jeweler (1.8.4)
      bundler (~> 1.0)
      git (>= 1.2.5)
      rake
      rdoc
    json (1.7.3)
    rack (1.4.1)
    rake (0.9.2.2)
    rdoc (3.12)
      json (~> 1.4)
    redis (3.0.1)

PLATFORMS
  ruby

DEPENDENCIES
  active_support
  jeweler
  rack
  rake
  redis (~> 3.0.1)
